PATH
  remote: .
  specs:
    apriori-rails (0.2.4.1)

GEM
  remote: https://rubygems.org/
  specs:
    activesupport (3.2.11)
      i18n (~> 0.6)
      multi_json (~> 1.0)
    i18n (0.6.4)
    multi_json (1.7.2)

PLATFORMS
  ruby

DEPENDENCIES
  activesupport (= 3.2.11)
  apriori-rails!
